GEM
  remote: https://rubygems.org/
  specs:
    activesupport (4.0.0)
      i18n (~> 0.6, >= 0.6.4)
      minitest (~> 4.2)
      multi_json (~> 1.3)
      thread_safe (~> 0.1)
      tzinfo (~> 0.3.37)
    atomic (1.1.10)
    chunky_png (1.2.8)
    climate_control (0.0.3)
      activesupport (>= 3.0)
    cocaine (0.5.1)
      climate_control (>= 0.0.3, < 1.0)
    coffee-script (2.2.0)
      coffee-script-source
      execjs
    coffee-script-source (1.6.2)
    compass (0.12.2)
      chunky_png (~> 1.2)
      fssm (>= 0.2.7)
      sass (~> 3.1)
    compass-h5bp (0.1.1)
      compass
    execjs (1.4.0)
      multi_json (~> 1.0)
    fssm (0.2.10)
    i18n (0.6.4)
    jsmin (1.0.1)
    kgio (2.7.4)
    minitest (4.7.5)
    miro (0.2.3)
      cocaine
      oily_png
    multi_json (1.7.7)
    mustache (0.99.4)
    oily_png (1.1.0)
      chunky_png (~> 1.2.7)
    rack (1.2.2)
    rack-test (0.6.2)
      rack (>= 1.0)
    raindrops (0.10.0)
    sass (3.2.9)
    sinatra (1.2.6)
      rack (~> 1.1)
      tilt (>= 1.2.2, < 2.0)
    sinatra-assetpack (0.2.7)
      jsmin
      rack-test
      sinatra
      tilt (>= 1.3.0)
    sinatra-support (1.2.2)
      sinatra (>= 1.0)
    thread_safe (0.1.0)
      atomic
    tilt (1.3)
    tzinfo (0.3.37)
    unicorn (4.3.1)
      kgio (~> 2.6)
      rack
      raindrops (~> 0.7)

PLATFORMS
  ruby

DEPENDENCIES
  coffee-script
  compass
  compass-h5bp
  miro
  mustache
  sinatra
  sinatra-assetpack
  sinatra-support
  unicorn
